{
	"Modality": "MR",
	"MagneticFieldStrength": 3,
	"ImagingFrequency": 123.256517,
	"Manufacturer": "Siemens",
	"ManufacturersModelName": "Prisma_fit",
	"InstitutionName": "Yale University MRRC",
	"InstitutionalDepartmentName": "Department",
	"InstitutionAddress": "Cedar Street 333,New Haven ,Connecticut,US,06510",
	"DeviceSerialNumber": "167087",
	"StationName": "AWP167087",
	"BodyPart": "BRAIN",
	"PatientPosition": "HFS",
	"ProcedureStepDescription": "MRRC Research^SiteProtocols",
	"SoftwareVersions": "syngo MR E11",
	"MRAcquisitionType": "3D",
	"StudyDescription": "MRRC Research^SiteProtocols",
	"SeriesDescription": "Sag 3D_MPRAGE 10_19_05",
	"ProtocolName": "Sag 3D_MPRAGE 10_19_05",
	"ScanningSequence": "GR\\IR",
	"SequenceVariant": "SK\\SP\\MP",
	"ScanOptions": "IR\\PFP",
	"SequenceName": "*tfl3d1_16",
	"ImageType": ["ORIGINAL", "PRIMARY", "M", "ND", "NORM", "MAGNITUDE"],
	"NonlinearGradientCorrection": false,
	"SeriesNumber": 2,
	"AcquisitionTime": "14:35:35.092500",
	"AcquisitionNumber": 1,
	"SliceThickness": 1,
	"SAR": 0.0409236,
	"TablePosition": [
		0,
		0,
		-0	],
	"EchoTime": 0.00244,
	"RepetitionTime": 2.53,
	"SpoilingState": true,
	"InversionTime": 0.9,
	"FlipAngle": 9,
	"PartialFourier": 0.75,
	"BaseResolution": 256,
	"ShimSetting": [
		-1565,
		3457,
		1371,
		28,
		20,
		-12,
		-15,
		4	],
	"TxRefAmp": 256.564,
	"PhaseResolution": 1,
	"ReceiveCoilName": "HeadNeck_64",
	"ReceiveCoilActiveElements": "HC1-7;NC1,2",
	"PulseSequenceDetails": "%SiemensSeq%\\tfl",
	"RefLinesPE": 24,
	"CoilCombinationMethod": "Adaptive Combine",
	"ConsistencyInfo": "N4_VE11E_LATEST_20181129",
	"MatrixCoilMode": "GRAPPA",
	"PercentPhaseFOV": 100,
	"PercentSampling": 100,
	"PhaseEncodingSteps": 191,
	"AcquisitionMatrixPE": 256,
	"ReconMatrixPE": 256,
	"ParallelReductionFactorInPlane": 2,
	"PixelBandwidth": 240,
	"DwellTime": 8.2e-06,
	"ImageOrientationPatientDICOM": [
		0,
		1,
		0,
		0,
		0,
		-1	],
	"ImageOrientationText": "Sag",
	"InPlanePhaseEncodingDirectionDICOM": "ROW",
	"BidsGuess": ["anat","_acq-tfl3p2_run-2_T1w"],
	"ConversionSoftware": "dcm2niix",
	"ConversionSoftwareVersion": "v1.0.20250505"
}
